PATH
  remote: .
  specs:
    tuev (0.3.2)
      selenium-client

GEM
  remote: http://rubygems.org/
  specs:
    bacon (1.1.0)
    git (1.2.5)
    jeweler (1.5.2)
      bundler (~> 1.0.0)
      git (>= 1.2.5)
      rake
    rake (0.8.7)
    rcov (0.9.9)
    selenium-client (1.2.18)
    yard (0.6.5)

PLATFORMS
  ruby

DEPENDENCIES
  bacon
  bundler (~> 1.0.0)
  jeweler (~> 1.5.2)
  rake
  rcov
  selenium-client
  tuev!
  yard (~> 0.6.0)
